GEM
  remote: https://rubygems.org/
  specs:
    activemodel (4.2.1)
      activesupport (= 4.2.1)
      builder (~> 3.1)
    activerecord (4.2.1)
      activemodel (= 4.2.1)
      activesupport (= 4.2.1)
      arel (~> 6.0)
    activesupport (4.2.1)
      i18n (~> 0.7)
      json (~> 1.7, >= 1.7.7)
      minitest (~> 5.1)
      thread_safe (~> 0.3, >= 0.3.4)
      tzinfo (~> 1.1)
    akami (1.3.0)
      gyoku (>= 0.4.0)
      nokogiri
    arel (6.0.0)
    builder (3.2.2)
    gyoku (1.3.1)
      builder (>= 2.1.2)
    httpi (2.4.0)
      rack
    i18n (0.7.0)
    json (1.8.2)
    macaddr (1.7.1)
      systemu (~> 2.6.2)
    mini_portile (0.6.2)
    minitest (5.6.1)
    nokogiri (1.6.6.2)
      mini_portile (~> 0.6.0)
    nori (2.6.0)
    rack (1.6.1)
    savon (2.11.0)
      akami (~> 1.2)
      builder (>= 2.1.2)
      gyoku (~> 1.2)
      httpi (~> 2.3)
      nokogiri (>= 1.4.0)
      nori (~> 2.4)
      uuid (~> 2.3.7)
      wasabi (~> 3.4)
    sinatra (1.0)
      rack (>= 1.0)
    sinatra-activerecord (2.0.6)
      activerecord (>= 3.2)
      sinatra (~> 1.0)
    sqlite3 (1.3.7)
    systemu (2.6.5)
    thread_safe (0.3.5)
    tzinfo (1.2.2)
      thread_safe (~> 0.1)
    uuid (2.3.7)
      macaddr (~> 1.0)
    wasabi (3.5.0)
      httpi (~> 2.0)
      nokogiri (>= 1.4.2)

PLATFORMS
  ruby

DEPENDENCIES
  activerecord
  nokogiri
  savon
  sinatra (= 1.0)
  sinatra-activerecord
  sqlite3 (= 1.3.7)
